GEM
  remote: https://rubygems.org/
  specs:
    addressable (2.3.6)
    bibtex-ruby (4.0.3)
      latex-decode (~> 0.0)
    builder (3.2.2)
    childprocess (0.5.3)
      ffi (~> 1.0, >= 1.0.11)
    cucumber (1.3.16)
      builder (>= 2.1.2)
      diff-lcs (>= 1.1.3)
      gherkin (~> 2.12)
      multi_json (>= 1.7.5, < 2.0)
      multi_test (>= 0.1.1)
    diff-lcs (1.2.5)
    ethon (0.7.1)
      ffi (>= 1.3.0)
    ffi (1.9.3)
    gherkin (2.12.2)
      multi_json (~> 1.3)
    headless (1.0.2)
    latex-decode (0.1.1)
      unicode (~> 0.4)
    mini_portile (0.6.0)
    multi_json (1.10.1)
    multi_test (0.1.1)
    nokogiri (1.6.3.1)
      mini_portile (= 0.6.0)
    rake (10.3.2)
    rickshaw (0.0.2)
    rspec (3.0.0)
      rspec-core (~> 3.0.0)
      rspec-expectations (~> 3.0.0)
      rspec-mocks (~> 3.0.0)
    rspec-core (3.0.4)
      rspec-support (~> 3.0.0)
    rspec-expectations (3.0.4)
      diff-lcs (>= 1.2.0, < 2.0)
      rspec-support (~> 3.0.0)
    rspec-mocks (3.0.4)
      rspec-support (~> 3.0.0)
    rspec-support (3.0.4)
    rubyzip (1.1.6)
    selenium-webdriver (2.42.0)
      childprocess (>= 0.5.0)
      multi_json (~> 1.0)
      rubyzip (~> 1.0)
      websocket (~> 1.0.4)
    typhoeus (0.6.9)
      ethon (>= 0.7.1)
    unicode (0.4.4.1)
    websocket (1.0.7)
    zip-zip (0.3)
      rubyzip (>= 1.0.0)
    zotplus-rakehelper (0.0.35)
      nokogiri
      rake
      rickshaw
      rubyzip (>= 1.0.0)
      typhoeus

PLATFORMS
  ruby

DEPENDENCIES
  addressable
  bibtex-ruby
  cucumber
  headless
  nokogiri
  rake
  rspec
  rubyzip (>= 1.0.0)
  selenium-webdriver
  typhoeus
  zip-zip
  zotplus-rakehelper
